GEM
  remote: https://rubygems.org/
  specs:
    cliver (0.3.2)
    diff-lcs (1.2.5)
    rspec (2.14.1)
      rspec-core (~> 2.14.0)
      rspec-expectations (~> 2.14.0)
      rspec-mocks (~> 2.14.0)
    rspec-core (2.14.8)
    rspec-expectations (2.14.5)
      diff-lcs (>= 1.1.3, < 2.0)
    rspec-mocks (2.14.6)
    thor (0.19.1)
    wavefile (0.6.0)

PLATFORMS
  ruby

DEPENDENCIES
  cliver
  rspec
  thor
  wavefile
