GEM
  remote: https://rubygems.org/
  specs:
    cliver (0.3.2)
    diff-lcs (1.2.5)
    rake (10.4.2)
    rspec (2.14.1)
      rspec-core (~> 2.14.0)
      rspec-expectations (~> 2.14.0)
      rspec-mocks (~> 2.14.0)
    rspec-core (2.14.8)
    rspec-expectations (2.14.5)
      diff-lcs (>= 1.1.3, < 2.0)
    rspec-mocks (2.14.6)
    ruby-sox (0.0.3)
    thor (0.19.1)

PLATFORMS
  ruby

DEPENDENCIES
  bundler
  cliver
  rake
  rspec
  ruby-sox
  thor
